GEM
  remote: https://rubygems.org/
  specs:
    addressable (2.3.2)
    childprocess (0.3.6)
      ffi (~> 1.0, >= 1.0.6)
    daemons (1.0.10)
    developwithpassion_arrays (0.0.1)
    diff-lcs (1.1.3)
    fakes (1.0.2)
      developwithpassion_arrays
    fakes-rspec (1.0.2)
      fakes
      rspec
    ffi (1.2.0)
    gem_plugin (0.2.3)
    libwebsocket (0.1.7.1)
      addressable
      websocket
    mongrel (1.2.0.pre2)
      daemons (~> 1.0.10)
      gem_plugin (~> 0.2.3)
    multi_json (1.5.0)
    pg (0.14.1)
    rack (1.4.1)
    rspec (2.12.0)
      rspec-core (~> 2.12.0)
      rspec-expectations (~> 2.12.0)
      rspec-mocks (~> 2.12.0)
    rspec-core (2.12.2)
    rspec-expectations (2.12.1)
      diff-lcs (~> 1.1.3)
    rspec-mocks (2.12.1)
    rubyzip (0.9.9)
    selenium-webdriver (2.27.2)
      childprocess (>= 0.2.5)
      libwebsocket (~> 0.1.3)
      multi_json (~> 1.0)
      rubyzip
<<<<<<< HEAD
    sequel (3.43.0)
=======
    sequel (3.42.0)
>>>>>>> add sequel gem
    watir-webdriver (0.6.2)
      selenium-webdriver (>= 2.18.0)
    websocket (1.0.6)

PLATFORMS
  ruby

DEPENDENCIES
  fakes-rspec
  mongrel
  pg
  rack
  rspec
  sequel
  watir-webdriver
