GEM
  remote: https://rubygems.org/
  specs:
    daemons (1.0.10)
    developwithpassion_arrays (0.0.1)
    diff-lcs (1.1.3)
    fakes (1.0.2)
      developwithpassion_arrays
    fakes-rspec (1.0.2)
      fakes
      rspec
    gem_plugin (0.2.3)
    mongrel (1.2.0.pre2)
      daemons (~> 1.0.10)
      gem_plugin (~> 0.2.3)
    rack (1.4.1)
    rspec (2.12.0)
      rspec-core (~> 2.12.0)
      rspec-expectations (~> 2.12.0)
      rspec-mocks (~> 2.12.0)
    rspec-core (2.12.2)
    rspec-expectations (2.12.1)
      diff-lcs (~> 1.1.3)
    rspec-mocks (2.12.1)

PLATFORMS
  ruby

DEPENDENCIES
  fakes-rspec
  mongrel
  rack
  rspec
