GEM
  remote: https://rubygems.org/
  specs:
    bcrypt-ruby (3.0.1)
    childprocess (0.3.9)
      ffi (~> 1.0, >= 1.0.11)
    daemons (1.0.10)
    developwithpassion_arrays (0.0.1)
    diff-lcs (1.2.4)
    fakes (1.0.5)
      developwithpassion_arrays
    fakes-rspec (1.0.2)
      fakes
      rspec
    faraday (0.8.7)
      multipart-post (~> 1.1)
    ffi (1.8.1)
    gem_plugin (0.2.3)
    headless (1.0.1)
    httpauth (0.2.0)
    jwt (0.1.8)
      multi_json (>= 1.5)
    mongrel (1.2.0.pre2)
      daemons (~> 1.0.10)
      gem_plugin (~> 0.2.3)
    multi_json (1.7.3)
    multi_xml (0.5.3)
    multipart-post (1.2.0)
    oauth2 (0.9.1)
      faraday (~> 0.8)
      httpauth (~> 0.1)
      jwt (~> 0.1.4)
      multi_json (~> 1.0)
      multi_xml (~> 0.5)
      rack (~> 1.2)
    pg (0.15.1)
    rack (1.5.2)
    rake (10.0.4)
    rspec (2.13.0)
      rspec-core (~> 2.13.0)
      rspec-expectations (~> 2.13.0)
      rspec-mocks (~> 2.13.0)
    rspec-core (2.13.1)
    rspec-expectations (2.13.0)
      diff-lcs (>= 1.1.3, < 2.0)
    rspec-mocks (2.13.1)
    rubyzip (0.9.9)
    selenium-webdriver (2.32.1)
      childprocess (>= 0.2.5)
      multi_json (~> 1.0)
      rubyzip
      websocket (~> 1.0.4)
    sequel (3.47.0)
    simplecov (0.7.1)
      multi_json (~> 1.0)
      simplecov-html (~> 0.7.1)
    simplecov-html (0.7.1)
    spank (0.0.1)
    watir-webdriver (0.6.4)
      selenium-webdriver (>= 2.18.0)
    websocket (1.0.7)

PLATFORMS
  ruby

DEPENDENCIES
  bcrypt-ruby
  fakes-rspec
  headless
  mongrel (>= 1.1.5.pre)
  oauth2
  pg
  rack
  rake
  rspec
  sequel
  simplecov
  spank
  watir-webdriver
