GEM
  remote: https://rubygems.org/
  specs:
    bcrypt-ruby (3.1.2)
    childprocess (0.3.9)
      ffi (~> 1.0, >= 1.0.11)
    daemons (1.0.10)
    diff-lcs (1.2.5)
    docile (1.1.1)
    fakes (1.1.4)
    fakes-rspec (1.0.5)
      fakes
      rspec
    faraday (0.8.8)
      multipart-post (~> 1.2.0)
    ffi (1.9.3)
    gem_plugin (0.2.3)
    headless (1.0.1)
    httpauth (0.2.0)
    humble (0.0.1374372435)
      sequel
    jwt (0.1.8)
      multi_json (>= 1.5)
    kgio (2.8.1)
    mongrel (1.2.0.pre2)
      daemons (~> 1.0.10)
      gem_plugin (~> 0.2.3)
    multi_json (1.8.2)
    multi_xml (0.5.5)
    multipart-post (1.2.0)
    nasty (0.0.1388167257)
    oauth2 (0.9.2)
      faraday (~> 0.8)
      httpauth (~> 0.2)
      jwt (~> 0.1.4)
      multi_json (~> 1.0)
      multi_xml (~> 0.5)
      rack (~> 1.2)
    pg (0.17.1)
    rack (1.5.2)
    raindrops (0.12.0)
    rake (10.1.1)
    rspec (2.13.0)
      rspec-core (~> 2.13.0)
      rspec-expectations (~> 2.13.0)
      rspec-mocks (~> 2.13.0)
    rspec-core (2.13.1)
    rspec-expectations (2.13.0)
      diff-lcs (>= 1.1.3, < 2.0)
    rspec-mocks (2.13.1)
    rubyzip (1.1.0)
    selenium-webdriver (2.39.0)
      childprocess (>= 0.2.5)
      multi_json (~> 1.0)
      rubyzip (~> 1.0)
      websocket (~> 1.0.4)
    sequel (4.5.0)
    simplecov (0.8.2)
      docile (~> 1.1.0)
      multi_json
      simplecov-html (~> 0.8.0)
    simplecov-html (0.8.0)
    spank (0.0.1385937112)
    unicorn (4.7.0)
      kgio (~> 2.6)
      rack
      raindrops (~> 0.7)
    watir-webdriver (0.6.4)
      selenium-webdriver (>= 2.18.0)
    websocket (1.0.7)

PLATFORMS
  ruby

DEPENDENCIES
  bcrypt-ruby
  fakes-rspec
  headless
  humble
  mongrel (>= 1.1.5.pre)
  nasty
  oauth2
  pg
  rack
  rake
  rspec (~> 2.13.0)
  sequel
  simplecov
  spank
  unicorn
  watir-webdriver
